GEM
  remote: https://rubygems.org/
  specs:
    diff-lcs (1.4.4)
    pg (1.2.3)
    rspec (3.1.0)
      rspec-core (~> 3.1.0)
      rspec-expectations (~> 3.1.0)
      rspec-mocks (~> 3.1.0)
    rspec-core (3.1.7)
      rspec-support (~> 3.1.0)
    rspec-expectations (3.1.2)
      diff-lcs (>= 1.2.0, < 2.0)
      rspec-support (~> 3.1.0)
    rspec-mocks (3.1.3)
      rspec-support (~> 3.1.0)
    rspec-support (3.1.2)

PLATFORMS
<<<<<<< HEAD
  x86_64-darwin-19
=======
  ruby
>>>>>>> a6519840afd920bdedc29e4d7a090bd39d155342

DEPENDENCIES
  pg
  rspec (~> 3.1.0)

BUNDLED WITH
<<<<<<< HEAD
   2.2.1
=======
   2.1.4
>>>>>>> a6519840afd920bdedc29e4d7a090bd39d155342
